STORAGE: NONE
RESTRICTION: == net8.0
NUGET
  remote: https://api.nuget.org/v3/index.json
    Argu (6.2.3)
      FSharp.Core (>= 4.3.2)
      System.Configuration.ConfigurationManager (>= 4.4)
    BioFSharp (2.0.0-beta7)
      FSharp.Core (>= 5.0)
      FSharp.Stats (>= 0.4.1)
      FSharpAux (>= 1.0)
      FSharpAux.IO (>= 1.0)
    BioFSharp.IO (2.0.0-beta6)
      BioFSharp (>= 2.0.0-beta6)
      FSharp.Core (>= 5.0)
      FSharpAux (>= 1.0)
      FSharpAux.IO (>= 1.0)
      Newtonsoft.Json (>= 12.0.3)
    BioFSharp.Mz (0.1.5-beta)
      BioFSharp (>= 2.0.0-beta4)
      BioFSharp.IO (>= 2.0.0-beta4)
      FSharp.Core (>= 4.7.2)
      FSharp.Stats (>= 0.4)
      FSharpAux (>= 1.0)
      FSharpAux.IO (>= 1.0)
      Newtonsoft.Json (>= 12.0.3)
      System.Data.SQLite.Core (>= 1.0.113.6)
    Deedle (3.0)
      FSharp.Core (>= 4.5.2)
    DynamicObj (2.0)
      FSharp.Core (>= 6.0.2)
      Newtonsoft.Json (>= 13.0.1)
    Expecto (9.0.4)
      FSharp.Core (>= 4.6)
      Mono.Cecil (>= 0.11.3)
    Fable.AST (4.4)
    Fable.Browser.Blob (1.4)
      Fable.Core (>= 3.2.8)
      FSharp.Core (>= 4.7.2)
    Fable.Browser.Dom (2.16)
      Fable.Browser.Blob (>= 1.3)
      Fable.Browser.Event (>= 1.5)
      Fable.Browser.WebStorage (>= 1.2)
      Fable.Core (>= 3.2.8)
      FSharp.Core (>= 4.7.2)
    Fable.Browser.Event (1.6)
      Fable.Browser.Gamepad (>= 1.3)
      Fable.Core (>= 3.2.8)
      FSharp.Core (>= 4.7.2)
    Fable.Browser.Gamepad (1.3)
      Fable.Core (>= 3.2.8)
      FSharp.Core (>= 4.7.2)
    Fable.Browser.WebStorage (1.3)
      Fable.Browser.Event (>= 1.6)
      Fable.Core (>= 3.2.8)
      FSharp.Core (>= 4.7.2)
    Fable.Browser.XMLHttpRequest (1.4)
      Fable.Browser.Blob (>= 1.4)
      Fable.Browser.Event (>= 1.6)
      Fable.Core (>= 3.2.8)
      FSharp.Core (>= 4.7.2)
    Fable.Core (4.3)
    Fable.Elmish (4.1)
      Fable.Core (>= 3.7.1)
      FSharp.Core (>= 4.7.2)
    Fable.Elmish.Debugger (4.0)
      Fable.Elmish (>= 4.0)
      FSharp.Core (>= 6.0.7)
      Thoth.Json (>= 6.0)
    Fable.Elmish.HMR (7.0)
      Fable.Core (>= 3.7.1)
      Fable.Elmish.React (>= 4.0)
      FSharp.Core (>= 4.7.2)
    Fable.Elmish.React (4.0)
      Fable.Elmish (>= 4.0)
      Fable.ReactDom.Types (>= 18.0)
      FSharp.Core (>= 4.7.2)
    Fable.Fetch (2.7)
      Fable.Browser.Blob (>= 1.2)
      Fable.Browser.Event (>= 1.5)
      Fable.Core (>= 3.7.1)
      Fable.Promise (>= 2.2.2)
      FSharp.Core (>= 4.7.2)
    Fable.Mocha (2.17)
      Fable.Core (>= 3.0)
      FSharp.Core (>= 4.7)
    Fable.Parsimmon (4.1)
      Fable.Core (>= 3.0)
      FSharp.Core (>= 4.6.2)
    Fable.Promise (3.2)
      Fable.Core (>= 3.7.1)
      FSharp.Core (>= 4.7.2)
    Fable.React.Types (18.3)
      Fable.Browser.Dom (>= 2.4.4)
      Fable.Core (>= 3.2.7)
      FSharp.Core (>= 4.7.2)
    Fable.ReactDom.Types (18.2)
      Fable.React.Types (>= 18.3)
      FSharp.Core (>= 4.7.2)
    Fable.Remoting.Client (7.32)
      Fable.Browser.XMLHttpRequest (>= 1.0)
      Fable.Core (>= 3.1.5)
      Fable.Remoting.MsgPack (>= 1.24)
      Fable.SimpleJson (>= 3.24)
      FSharp.Core (>= 4.7.2)
    Fable.Remoting.Giraffe (5.19)
      Fable.Remoting.Server (>= 5.37)
      FSharp.Core (>= 6.0)
      Giraffe (>= 5.0)
      Microsoft.IO.RecyclableMemoryStream (>= 3.0 < 4.0)
    Fable.Remoting.Json (2.23)
      FSharp.Core (>= 6.0)
      Newtonsoft.Json (>= 12.0.2)
    Fable.Remoting.MsgPack (1.24)
      FSharp.Core (>= 4.7.2)
    Fable.Remoting.Server (5.37)
      Fable.Remoting.Json (>= 2.23)
      Fable.Remoting.MsgPack (>= 1.24)
      FSharp.Core (>= 6.0)
      Microsoft.IO.RecyclableMemoryStream (>= 3.0 < 4.0)
    Fable.SimpleJson (3.24)
      Fable.Core (>= 3.1.5)
      Fable.Parsimmon (>= 4.0)
      FSharp.Core (>= 4.7)
    Fake.Core.CommandLineParsing (6.0)
      FParsec (>= 1.1.1)
      FSharp.Core (>= 6.0.3)
    Fake.Core.Context (6.0)
      FSharp.Core (>= 6.0.3)
    Fake.Core.Environment (6.0)
      FSharp.Core (>= 6.0.3)
    Fake.Core.FakeVar (6.0)
      Fake.Core.Context (>= 6.0)
      FSharp.Core (>= 6.0.3)
    Fake.Core.Process (5.23.1)
      Fake.Core.Environment (>= 5.23.1)
      Fake.Core.FakeVar (>= 5.23.1)
      Fake.Core.String (>= 5.23.1)
      Fake.Core.Trace (>= 5.23.1)
      Fake.IO.FileSystem (>= 5.23.1)
      FSharp.Core (>= 6.0)
      System.Collections.Immutable (>= 5.0)
    Fake.Core.String (6.0)
      FSharp.Core (>= 6.0.3)
    Fake.Core.Target (5.23.1)
      Fake.Core.CommandLineParsing (>= 5.23.1)
      Fake.Core.Context (>= 5.23.1)
      Fake.Core.Environment (>= 5.23.1)
      Fake.Core.FakeVar (>= 5.23.1)
      Fake.Core.Process (>= 5.23.1)
      Fake.Core.String (>= 5.23.1)
      Fake.Core.Trace (>= 5.23.1)
      FSharp.Control.Reactive (>= 5.0.2)
      FSharp.Core (>= 6.0)
    Fake.Core.Trace (6.0)
      Fake.Core.Environment (>= 6.0)
      Fake.Core.FakeVar (>= 6.0)
      FSharp.Core (>= 6.0.3)
    Fake.IO.FileSystem (5.23.1)
      Fake.Core.String (>= 5.23.1)
      FSharp.Core (>= 6.0)
    Farmer (1.8.9)
      FSharp.Core (>= 5.0)
      System.Text.Json (>= 5.0)
    Feliz (2.7)
      Fable.ReactDom.Types (>= 18.2)
      Feliz.CompilerPlugins (>= 2.2)
      FSharp.Core (>= 4.7.2)
    Feliz.CompilerPlugins (2.2)
      Fable.AST (>= 4.2.1)
      FSharp.Core (>= 4.7.2)
    Feliz.DaisyUI (4.2.1)
      Feliz (>= 2.7)
      FSharp.Core (>= 4.7.2)
    Feliz.Router (4.0)
      Fable.Elmish (>= 4.0)
      Feliz (>= 2.3)
      FSharp.Core (>= 4.7.2)
    FParsec (1.1.1)
      FSharp.Core (>= 4.3.4)
    FSharp.Control.Reactive (5.0.2)
      FSharp.Core (>= 4.7.2)
      System.Reactive (>= 5.0)
    FSharp.Control.Websockets (0.3)
      FSharp.Core (>= 6.0)
      Microsoft.IO.RecyclableMemoryStream (>= 3.0)
    FSharp.Core (8.0.200)
    FSharp.Stats (0.4.3)
      FSharp.Core (>= 4.7.2)
      FSharpAux (>= 1.0)
      FSharpAux.IO (>= 1.0)
    FSharpAux (1.0)
      FSharp.Core
    FSharpAux.IO (1.0)
      FSharp.Core
      FSharpAux (>= 1.0)
    Giraffe (6.4)
      FSharp.Core (>= 6.0)
      Giraffe.ViewEngine (>= 1.4)
      Microsoft.IO.RecyclableMemoryStream (>= 3.0)
      Newtonsoft.Json (>= 13.0.3)
      System.Text.Json (>= 8.0.3)
    Giraffe.ViewEngine (1.4)
      FSharp.Core (>= 5.0)
    Giraffe.ViewEngine.StrongName (2.0.0-alpha1)
      FSharp.Core (>= 6.0.7)
    Microsoft.AspNetCore.Authentication.JwtBearer (8.0.4)
      Microsoft.IdentityModel.Protocols.OpenIdConnect (>= 7.1.2)
    Microsoft.Extensions.Configuration (8.0)
      Microsoft.Extensions.Configuration.Abstractions (>= 8.0)
      Microsoft.Extensions.Primitives (>= 8.0)
    Microsoft.Extensions.Configuration.Abstractions (8.0)
      Microsoft.Extensions.Primitives (>= 8.0)
    Microsoft.Extensions.Configuration.FileExtensions (8.0)
      Microsoft.Extensions.Configuration (>= 8.0)
      Microsoft.Extensions.Configuration.Abstractions (>= 8.0)
      Microsoft.Extensions.FileProviders.Abstractions (>= 8.0)
      Microsoft.Extensions.FileProviders.Physical (>= 8.0)
      Microsoft.Extensions.Primitives (>= 8.0)
    Microsoft.Extensions.Configuration.Json (8.0)
      Microsoft.Extensions.Configuration (>= 8.0)
      Microsoft.Extensions.Configuration.Abstractions (>= 8.0)
      Microsoft.Extensions.Configuration.FileExtensions (>= 8.0)
      Microsoft.Extensions.FileProviders.Abstractions (>= 8.0)
      System.Text.Json (>= 8.0)
    Microsoft.Extensions.Configuration.UserSecrets (8.0)
      Microsoft.Extensions.Configuration.Abstractions (>= 8.0)
      Microsoft.Extensions.Configuration.Json (>= 8.0)
      Microsoft.Extensions.FileProviders.Abstractions (>= 8.0)
      Microsoft.Extensions.FileProviders.Physical (>= 8.0)
    Microsoft.Extensions.DependencyInjection.Abstractions (8.0.1)
    Microsoft.Extensions.FileProviders.Abstractions (8.0)
      Microsoft.Extensions.Primitives (>= 8.0)
    Microsoft.Extensions.FileProviders.Physical (8.0)
      Microsoft.Extensions.FileProviders.Abstractions (>= 8.0)
      Microsoft.Extensions.FileSystemGlobbing (>= 8.0)
      Microsoft.Extensions.Primitives (>= 8.0)
    Microsoft.Extensions.FileSystemGlobbing (8.0)
    Microsoft.Extensions.Logging.Abstractions (8.0.1)
      Microsoft.Extensions.DependencyInjection.Abstractions (>= 8.0.1)
    Microsoft.Extensions.Primitives (8.0)
    Microsoft.IdentityModel.Abstractions (7.5.1)
    Microsoft.IdentityModel.JsonWebTokens (7.5.1)
      Microsoft.IdentityModel.Tokens (>= 7.5.1)
    Microsoft.IdentityModel.Logging (7.5.1)
      Microsoft.IdentityModel.Abstractions (>= 7.5.1)
    Microsoft.IdentityModel.Protocols (7.5.1)
      Microsoft.IdentityModel.Tokens (>= 7.5.1)
    Microsoft.IdentityModel.Protocols.OpenIdConnect (7.5.1)
      Microsoft.IdentityModel.Protocols (>= 7.5.1)
      System.IdentityModel.Tokens.Jwt (>= 7.5.1)
    Microsoft.IdentityModel.Tokens (7.5.1)
      Microsoft.IdentityModel.Logging (>= 7.5.1)
    Microsoft.IO.RecyclableMemoryStream (3.0)
    Mono.Cecil (0.11.5)
    MzIO (0.1.1)
      FSharp.Core (>= 5.0)
      Newtonsoft.Json (>= 12.0.3)
    MzIO.MzML (0.1.6)
      FSharp.Core (>= 5.0)
      MzIO (>= 0.1.1)
      MzIO.Processing (>= 0.1.2)
      Newtonsoft.Json (>= 12.0.3)
    MzIO.Processing (0.1.2)
      FSharp.Core (>= 5.0)
      MzIO (>= 0.1.1)
      Newtonsoft.Json (>= 12.0.3)
    MzIO.SQL (0.1.4)
      FSharp.Core (>= 5.0)
      MzIO (>= 0.1.1)
      Newtonsoft.Json (>= 12.0.3)
      System.Data.SQLite.Core (>= 1.0.113.7)
    Newtonsoft.Json (13.0.3)
    NLog (5.3.2)
    Plotly.NET (4.2)
      DynamicObj (>= 2.0)
      FSharp.Core (>= 6.0.7)
      Giraffe.ViewEngine.StrongName (>= 2.0.0-alpha1)
      Newtonsoft.Json (>= 13.0.1)
    ProteomIQon (0.0.8)
      Argu (>= 6.1.1)
      BioFSharp (>= 2.0.0-beta4)
      BioFSharp.IO (>= 2.0.0-beta4)
      BioFSharp.Mz (>= 0.1.5-beta)
      Deedle (>= 2.3)
      DynamicObj (>= 0.0.3)
      FSharp.Core (>= 5.0)
      FSharp.Stats (>= 0.4)
      FSharpAux (>= 1.0)
      FSharpAux.IO (>= 1.0)
      MzIO (>= 0.1.1)
      MzIO.MzML (>= 0.1.1)
      MzIO.Processing (>= 0.1.1)
      MzIO.SQL (>= 0.1.1)
      Newtonsoft.Json (>= 13.0.1)
      NLog (>= 4.7.8)
      Plotly.NET (>= 2.0.0-alpha5)
      System.Data.SQLite.Core (>= 1.0.113.7)
    Saturn (0.17)
      FSharp.Control.Websockets (>= 0.2.2)
      Giraffe (>= 6.4)
      Microsoft.AspNetCore.Authentication.JwtBearer (>= 6.0.3)
    Stub.System.Data.SQLite.Core.NetStandard (1.0.118)
    System.Collections.Immutable (8.0)
    System.Configuration.ConfigurationManager (8.0)
      System.Diagnostics.EventLog (>= 8.0)
      System.Security.Cryptography.ProtectedData (>= 8.0)
    System.Data.SQLite.Core (1.0.118)
      Stub.System.Data.SQLite.Core.NetStandard (1.0.118)
    System.Diagnostics.EventLog (8.0)
    System.IdentityModel.Tokens.Jwt (7.5.1)
      Microsoft.IdentityModel.JsonWebTokens (>= 7.5.1)
      Microsoft.IdentityModel.Tokens (>= 7.5.1)
    System.Reactive (6.0)
    System.Security.Cryptography.ProtectedData (8.0)
    System.Text.Encodings.Web (8.0)
    System.Text.Json (8.0.3)
      System.Text.Encodings.Web (>= 8.0)
    System.Threading.Channels (8.0)
    Thoth.Json (10.2)
      Fable.Core (>= 3.6.2)
      FSharp.Core (>= 4.7.2)
    Websocket.Client (5.1.1)
      Microsoft.Extensions.Logging.Abstractions (>= 8.0)
      Microsoft.IO.RecyclableMemoryStream (>= 3.0)
      System.Reactive (>= 6.0)
      System.Threading.Channels (>= 8.0)
    Zanaptak.TypedCssClasses (1.0)
      FSharp.Core (>= 4.3.4)
